GEM
  remote: https://ruby.taobao.org/
  specs:
    rake (10.3.1)

PLATFORMS
  ruby

DEPENDENCIES
  rake
